GIT
  remote: git://github.com/mongoid/mongoid.git
  revision: 3d1b8aa48340b79b8481ab96b56e0681433b0bcb
  ref: 3d1b8aa48340b79b8481ab96b56e0681433b0bcb
  specs:
    mongoid (4.0.0)
      activemodel (~> 4.0.0)
      moped (~> 1.5)
      origin (~> 1.0)
      tzinfo (~> 0.3.37)

GIT
  remote: https://github.com/dimakura/rs.ge
  revision: f1994cf54b6d22b515f1af89d66131e5b662b46a
  specs:
    rs.ge (0.2.0)
      activesupport
      savon (~> 2.2)

GEM
  remote: https://rubygems.org/
  specs:
    Ascii85 (1.0.2)
    actionmailer (4.0.0)
      actionpack (= 4.0.0)
      mail (~> 2.5.3)
    actionpack (4.0.0)
      activesupport (= 4.0.0)
      builder (~> 3.1.0)
      erubis (~> 2.7.0)
      rack (~> 1.5.2)
      rack-test (~> 0.6.2)
    activemodel (4.0.0)
      activesupport (= 4.0.0)
      builder (~> 3.1.0)
    activerecord (4.0.0)
      activemodel (= 4.0.0)
      activerecord-deprecated_finders (~> 1.0.2)
      activesupport (= 4.0.0)
      arel (~> 4.0.0)
    activerecord-deprecated_finders (1.0.3)
    activerecord-oracle_enhanced-adapter (1.5.1)
    activesupport (4.0.0)
      i18n (~> 0.6, >= 0.6.4)
      minitest (~> 4.2)
      multi_json (~> 1.3)
      thread_safe (~> 0.1)
      tzinfo (~> 0.3.37)
    afm (0.2.0)
    akami (1.2.0)
      gyoku (>= 0.4.0)
      nokogiri (>= 1.4.0)
    arel (4.0.1)
    atomic (1.1.14)
    bootstrap-will_paginate (0.0.10)
      will_paginate
    builder (3.1.4)
    carrierwave (0.9.0)
      activemodel (>= 3.2.0)
      activesupport (>= 3.2.0)
      json (>= 1.7)
    carrierwave-mongoid (0.1.0)
      carrierwave
      mongoid
    coffee-rails (4.0.1)
      coffee-script (>= 2.2.0)
      railties (>= 4.0.0, < 5.0)
    coffee-script (2.2.0)
      coffee-script-source
      execjs
    coffee-script-source (1.6.3)
    commonjs (0.2.7)
    composite_primary_keys (6.0.1)
      activerecord (>= 4.0.0)
    erubis (2.7.0)
    execjs (2.0.2)
    forma (0.1.2)
      activesupport
      railties (>= 3.1)
    gyoku (1.1.1)
      builder (>= 2.1.2)
    hashery (2.1.1)
    hike (1.2.3)
    httparty (0.12.0)
      json (~> 1.8)
      multi_xml (>= 0.5.2)
    httpi (2.1.0)
      rack
      rubyntlm (~> 0.3.2)
    i18n (0.6.9)
    jbuilder (1.0.2)
      activesupport (>= 3.0.0)
    jquery-rails (3.0.4)
      railties (>= 3.0, < 5.0)
      thor (>= 0.14, < 2.0)
    jquery-ui-rails (4.1.1)
      railties (>= 3.1.0)
    json (1.8.1)
    ka (0.1.0)
    less (2.4.0)
      commonjs (~> 0.2.7)
    libv8 (3.16.14.3)
    magti (0.1.1)
      httparty (~> 0.8)
    mail (2.5.3)
      i18n (>= 0.4.0)
      mime-types (~> 1.16)
      treetop (~> 1.4.8)
    mime-types (1.25.1)
    mini_portile (0.5.2)
    minitest (4.7.5)
    mongoid-grid_fs (1.2.0)
      mime-types (>= 1.19)
      mongoid (>= 3.0.1)
    moped (1.5.1)
    multi_json (1.8.2)
    multi_xml (0.5.5)
    mysql2 (0.3.14)
    nokogiri (1.6.1)
      mini_portile (~> 0.5.0)
    nokogiri (1.6.1-x86-mingw32)
      mini_portile (~> 0.5.0)
    nori (2.3.0)
    origin (1.1.0)
    pdf-reader (1.3.3)
      Ascii85 (~> 1.0.0)
      afm (~> 0.2.0)
      hashery (~> 2.0)
      ruby-rc4
      ttfunk
    polyglot (0.3.3)
    prawn (0.13.2)
      pdf-reader (~> 1.2)
      ruby-rc4
      ttfunk (~> 1.0.3)
    prawn_rails (0.0.11)
      prawn (>= 0.11.1)
      railties (>= 3.0.0)
    rack (1.5.2)
    rack-test (0.6.2)
      rack (>= 1.0)
    rails (4.0.0)
      actionmailer (= 4.0.0)
      actionpack (= 4.0.0)
      activerecord (= 4.0.0)
      activesupport (= 4.0.0)
      bundler (>= 1.3.0, < 2.0)
      railties (= 4.0.0)
      sprockets-rails (~> 2.0.0)
    railties (4.0.0)
      actionpack (= 4.0.0)
      activesupport (= 4.0.0)
      rake (>= 0.8.7)
      thor (>= 0.18.1, < 2.0)
    rake (10.1.1)
    ref (1.0.5)
    rest-client (1.6.7)
      mime-types (>= 1.16)
    ruby-oci8 (2.1.5)
    ruby-oci8 (2.1.5-x86-mingw32)
    ruby-prof (0.14.2)
    ruby-rc4 (0.1.5)
    rubyntlm (0.3.4)
    safe_attributes (1.0.10)
      activerecord (>= 3.0.0)
    savon (2.3.3)
      akami (~> 1.2.0)
      builder (>= 2.1.2)
      gyoku (~> 1.1.0)
      httpi (~> 2.1.0)
      nokogiri (>= 1.4.0)
      nori (~> 2.3.0)
      wasabi (~> 3.2.2)
    sprockets (2.10.1)
      hike (~> 1.2)
      multi_json (~> 1.0)
      rack (~> 1.0)
      tilt (~> 1.1, != 1.3.0)
    sprockets-rails (2.0.1)
      actionpack (>= 3.0)
      activesupport (>= 3.0)
      sprockets (~> 2.8)
    sqlite3 (1.3.8)
    sqlite3 (1.3.8-x86-mingw32)
    test-unit (2.5.5)
    therubyracer (0.12.0)
      libv8 (~> 3.16.14.0)
      ref
    thor (0.18.1)
    thread_safe (0.1.3)
      atomic
    tilt (1.4.1)
    treetop (1.4.15)
      polyglot
      polyglot (>= 0.3.1)
    ttfunk (1.0.3)
    turbolinks (2.1.0)
      coffee-rails
    tzinfo (0.3.38)
    uglifier (2.4.0)
      execjs (>= 0.3.0)
      json (>= 1.8.0)
    wasabi (3.2.3)
      httpi (~> 2.0)
      mime-types (< 2.0.0)
      nokogiri (>= 1.4.0)
    will_paginate (3.0.5)
    will_paginate_mongoid (2.0.1)
      mongoid
      will_paginate (~> 3.0)

PLATFORMS
  ruby
  x86-mingw32

DEPENDENCIES
  activerecord-oracle_enhanced-adapter (~> 1.5.0)
  bootstrap-will_paginate
  carrierwave
  carrierwave-mongoid
  coffee-rails (~> 4.0.0)
  composite_primary_keys
  forma (~> 0.1)
  jbuilder (~> 1.0.1)
  jquery-rails (~> 3)
  jquery-ui-rails
  ka
  less (~> 2)
  magti
  mongoid!
  mongoid-grid_fs
  mysql2
  prawn
  prawn_rails
  rails (= 4.0.0)
  rest-client
  rs.ge!
  ruby-oci8 (= 2.1.5)
  ruby-prof
  safe_attributes
  sqlite3
  test-unit
  therubyracer
  turbolinks
  uglifier (>= 1.3.0)
  will_paginate_mongoid
